GEM
  remote: https://rubygems.org/
  specs:
    wavefile (1.1.0)

PLATFORMS
  ruby

DEPENDENCIES
  wavefile (~> 1.1)

BUNDLED WITH
   1.17.2
