GEM
  remote: https://rubygems.org/
  specs:
    irb (1.0.0)
    rack (2.0.7)
    wavefile (1.1.0)

PLATFORMS
  ruby

DEPENDENCIES
  irb (~> 1.0)
  rack
  wavefile (~> 1.1)

BUNDLED WITH
   1.17.2
